GIT
  remote: git://github.com/abhijeetkalyan/uber_api
  revision: e224f69aee4fa94a3864b7adb2276c33a064400e
  specs:
    uber_api (0.1.2)
      faraday
      faraday_middleware
      json

GEM
  remote: https://rubygems.org/
  specs:
    builder (3.2.2)
    coderay (1.1.0)
    faraday (0.9.1)
      multipart-post (>= 1.2, < 3)
    faraday_middleware (0.9.1)
      faraday (>= 0.7.4, < 0.10)
    geocoder (1.2.8)
    json (1.8.2)
    jwt (1.0.0)
    method_source (0.8.2)
    multi_json (1.8.4)
    multipart-post (2.0.0)
    mysql2 (0.3.16)
    pry (0.10.1)
      coderay (~> 1.1.0)
      method_source (~> 0.8.1)
      slop (~> 3.4)
    pry-nav (0.2.4)
      pry (>= 0.9.10, < 0.11.0)
    rack (1.5.2)
    rack-protection (1.5.3)
      rack
    sinatra (1.4.6)
      rack (~> 1.4)
      rack-protection (~> 1.4)
      tilt (>= 1.3, < 3)
    slop (3.6.0)
    tilt (1.4.1)
    twilio-ruby (3.16.1)
      builder (>= 2.1.2)
      jwt (~> 1.0)
      multi_json (>= 1.3.0)

PLATFORMS
  ruby

DEPENDENCIES
  faraday
  faraday_middleware
  geocoder
  mysql2
  pry
  pry-nav
  sinatra
  twilio-ruby
  uber_api!
